GEM
  remote: https://rubygems.org/
  specs:
    chartkick (3.0.2)
    serialport (1.3.1)

PLATFORMS
  ruby

DEPENDENCIES
  chartkick!
  serialport!

BUNDLED WITH
   2.0.1
